PATH
  remote: .
  specs:
    tacotron2.rb (0.1.0)

GEM
  remote: https://rubygems.org/
  specs:
    humanize (2.5.1)
    minitest (5.14.4)
    numo-narray (0.9.1.9)
    rake (13.0.3)
    rice (3.0.0)
    torch-rb (0.5.3)
      rice (>= 2.2)
    torchaudio (0.1.2)
      rice (>= 2.2)
      torch-rb (>= 0.3.4)

PLATFORMS
  x86_64-linux

DEPENDENCIES
  humanize
  minitest (~> 5.0)
  numo-narray
  rake (~> 13.0)
  tacotron2.rb!
  torch-rb (= 0.5.3)
  torchaudio (= 0.1.2)

BUNDLED WITH
   2.2.16
